PATH
  remote: .
  specs:
    jbuilder_cache_multi (0.0.3)
      jbuilder (>= 1.5.0, < 3)

GEM
  remote: https://rubygems.org/
  specs:
    activesupport (4.2.4)
      i18n (~> 0.7)
      json (~> 1.7, >= 1.7.7)
      minitest (~> 5.1)
      thread_safe (~> 0.3, >= 0.3.4)
      tzinfo (~> 1.1)
    appraisal (2.1.0)
      bundler
      rake
      thor (>= 0.14.0)
    i18n (0.7.0)
    jbuilder (2.3.1)
      activesupport (>= 3.0.0, < 5)
      multi_json (~> 1.2)
    json (1.8.3)
    metaclass (0.0.4)
    minitest (5.8.0)
    mocha (1.1.0)
      metaclass (~> 0.0.1)
    multi_json (1.11.2)
    power_assert (0.2.2)
    rake (10.4.2)
    test-unit (3.0.8)
      power_assert
    thor (0.19.1)
    thread_safe (0.3.6)
    tzinfo (1.2.10)
      thread_safe (~> 0.1)

PLATFORMS
  ruby

DEPENDENCIES
  appraisal
  jbuilder_cache_multi!
  mocha
  rake
  test-unit

BUNDLED WITH
   1.10.6
